GEM
  remote: https://rubygems.org/
  specs:
    base64 (0.2.0)
    coderay (1.1.3)
    erubi (1.13.1)
    logger (1.7.0)
    method_source (1.1.0)
    multi_json (1.15.0)
    mustermann (3.0.3)
      ruby2_keywords (~> 0.0.1)
    nio4r (2.7.4)
    pg (1.5.9)
    pry (0.15.2)
      coderay (~> 1.1)
      method_source (~> 1.0)
    puma (6.6.0)
      nio4r (~> 2.0)
    rack (3.1.13)
    rack-protection (4.1.1)
      base64 (>= 0.1.0)
      logger (>= 1.6.0)
      rack (>= 3.0.0, < 4)
    rack-session (2.1.0)
      base64 (>= 0.1.0)
      rack (>= 3.0.0)
    ruby2_keywords (0.0.5)
    sinatra (4.1.1)
      logger (>= 1.6.0)
      mustermann (~> 3.0)
      rack (>= 3.0.0, < 4)
      rack-protection (= 4.1.1)
      rack-session (>= 2.0.0, < 3)
      tilt (~> 2.0)
    sinatra-contrib (4.1.1)
      multi_json (>= 0.0.2)
      mustermann (~> 3.0)
      rack-protection (= 4.1.1)
      sinatra (= 4.1.1)
      tilt (~> 2.0)
    tilt (2.6.0)
    webrick (1.9.1)

PLATFORMS
  ruby
  x86_64-linux

DEPENDENCIES
  erubi
  pg
  pry
  puma
  sinatra
  sinatra-contrib
  webrick

RUBY VERSION
   ruby 3.2.2p53

BUNDLED WITH
   2.6.7
